GEM
  remote: https://rubygems.org/
  specs:
    backports (3.10.0)
    coderay (1.1.2)
    erubis (2.7.0)
    kgio (2.10.0)
    method_source (0.9.0)
    multi_json (1.12.2)
    mysql2 (0.4.0)
    mysql2-cs-bind (0.0.6)
      mysql2
    pry (0.11.1)
      coderay (~> 1.1.0)
      method_source (~> 0.9.0)
    rack (1.6.4)
    rack-mini-profiler (0.10.5)
      rack (>= 1.2.0)
    rack-protection (1.5.3)
      rack
    rack-test (0.7.0)
      rack (>= 1.0, < 3)
    raindrops (0.15.0)
    sinatra (1.4.6)
      rack (~> 1.4)
      rack-protection (~> 1.4)
      tilt (>= 1.3, < 3)
    sinatra-contrib (1.4.7)
      backports (>= 2.0)
      multi_json
      rack-protection
      rack-test
      sinatra (~> 1.4.0)
      tilt (>= 1.3, < 3)
    tilt (2.0.1)
    unicorn (4.9.0)
      kgio (~> 2.6)
      rack
      raindrops (~> 0.7)

PLATFORMS
  ruby

DEPENDENCIES
  erubis
  mysql2
  mysql2-cs-bind
  pry
  rack-mini-profiler
  sinatra
  sinatra-contrib
  unicorn

BUNDLED WITH
   1.16.0.pre.2
